PATH
  remote: .
  specs:
    bunchball (0.2.8)
      httparty

GEM
  remote: http://rubygems.org/
  specs:
    ZenTest (4.10.1)
    autotest (4.4.6)
      ZenTest (>= 4.4.1)
    coderay (1.1.0)
    httparty (0.8.1)
      multi_json
      multi_xml
    metaclass (0.0.4)
    method_source (0.8.2)
    minitest (4.3.2)
    mocha (1.1.0)
      metaclass (~> 0.0.1)
    multi_json (1.0.4)
    multi_xml (0.4.1)
    pry (0.10.1)
      coderay (~> 1.1.0)
      method_source (~> 0.8.1)
      slop (~> 3.4)
    slop (3.6.0)

PLATFORMS
  ruby

DEPENDENCIES
  autotest
  bunchball!
  minitest
  mocha
  pry
